GEM
  remote: http://rubygems.org/
  specs:
    faraday (0.8.5)
      multipart-post (~> 1.1)
    hashie (1.2.0)
    multi_json (1.5.0)
    multipart-post (1.1.5)
    oauth (0.4.7)
    okura (0.0.1)
    simple_oauth (0.2.0)
    twitter (4.5.0)
      faraday (~> 0.8, < 0.10)
      multi_json (~> 1.0)
      simple_oauth (~> 0.2)
    userstream (1.2.3)
      hashie (~> 1.2.0)
      oauth (~> 0.4.7)

PLATFORMS
  ruby

DEPENDENCIES
  okura (= 0.0.1)
  twitter (~> 4.5.0)
  userstream (~> 1.2.3)
