GEM
  remote: http://rubygems.org/
  specs:
    activesupport (3.2.3)
      i18n (~> 0.6)
      multi_json (~> 1.0)
    addressable (2.2.7)
    faraday (0.7.6)
      addressable (~> 2.2)
      multipart-post (~> 1.1)
      rack (~> 1.1)
    hashie (1.2.0)
    i18n (0.6.0)
    multi_json (1.2.0)
    multipart-post (1.1.5)
    oauth (0.4.5)
    rack (1.4.1)
    simple_oauth (0.1.5)
    twitter (2.2.0)
      activesupport (>= 2.3.9, < 4)
      faraday (~> 0.7)
      multi_json (~> 1.0)
      simple_oauth (~> 0.1)
    userstream (1.2.1)
      hashie (~> 1.2.0)
      oauth (~> 0.4.5)

PLATFORMS
  x86-mingw32

DEPENDENCIES
  twitter (~> 2.2.0)
  userstream (~> 1.2.1)
