GIT
  remote: git://github.com/wktk/userstream.git
  revision: 46e02c196d68b6cbdd514784cf6e0e31c6bb315e
  branch: set-timeout
  specs:
    userstream (1.2.3)
      hashie (~> 1.2.0)
      oauth (~> 0.4.7)
      yajl-ruby (~> 1.1.0)

GEM
  remote: http://rubygems.org/
  specs:
    faraday (0.8.5)
      multipart-post (~> 1.1)
    hashie (1.2.0)
    multi_json (1.5.0)
    multipart-post (1.1.5)
    oauth (0.4.7)
    okura (0.0.1)
    simple_oauth (0.2.0)
    twitter (4.5.0)
      faraday (~> 0.8, < 0.10)
      multi_json (~> 1.0)
      simple_oauth (~> 0.2)
    yajl-ruby (1.1.0)

PLATFORMS
  ruby

DEPENDENCIES
  okura (= 0.0.1)
  twitter (~> 4.5.0)
  userstream (~> 1.2.3)!
