GIT
  remote: git://github.com/wktk/okura.git
  revision: 9086b673518296f87d4d258e6bf424723639fb13
  branch: fix-wakati
  specs:
    okura (0.0.1)

GEM
  remote: https://rubygems.org/
  specs:
    faraday (0.8.6)
      multipart-post (~> 1.1)
    hashie (1.2.0)
    multi_json (1.6.1)
    multipart-post (1.2.0)
    oauth (0.4.7)
    simple_oauth (0.2.0)
    twitter (4.5.0)
      faraday (~> 0.8, < 0.10)
      multi_json (~> 1.0)
      simple_oauth (~> 0.2)
    userstream (1.3.0)
      hashie (~> 1.2.0)
      oauth (~> 0.4.7)
      yajl-ruby (~> 1.1.0)
    yajl-ruby (1.1.0)

PLATFORMS
  ruby

DEPENDENCIES
  okura (= 0.0.1)!
  twitter (~> 4.5)
  userstream (~> 1.3.0)
